PATH
  remote: .
  specs:
    delete_commas (0.0.1)

GEM
  remote: https://rubygems.org/
  specs:
    sqlite3 (1.3.10)

PLATFORMS
  ruby

DEPENDENCIES
  delete_commas!
  sqlite3
